GEM
  remote: https://rubygems.org/
  specs:
    ffi (1.13.0)
    httparty (0.18.0)
      mime-types (~> 3.0)
      multi_xml (>= 0.5.2)
    mime-types (3.3.1)
      mime-types-data (~> 3.2015)
    mime-types-data (3.2020.0512)
    multi_xml (0.6.0)
    sys-cpu (0.9.0)
      ffi
    sys-filesystem (1.3.4)
      ffi

PLATFORMS
  ruby

DEPENDENCIES
  httparty
  sys-cpu
  sys-filesystem

BUNDLED WITH
   2.1.4
